GEM
  specs:
    backports (3.4.0)
    coderay (1.0.9)
    ethon (0.6.2)
      ffi (>= 1.3.0)
      mime-types (~> 1.18)
    ffi (1.9.3)
    json (1.8.0)
    method_source (0.8.2)
    mime-types (1.23)
    multi_json (1.7.7)
    pry (0.9.12.4)
      coderay (~> 1.0)
      method_source (~> 0.8)
      slop (~> 3.4)
    rack (1.5.2)
    rack-protection (1.5.2)
      rack
    rack-test (0.6.2)
      rack (>= 1.0)
    sinatra (1.4.4)
      rack (~> 1.4)
      rack-protection (~> 1.4)
      tilt (~> 1.3, >= 1.3.4)
    sinatra-contrib (1.4.2)
      backports (>= 2.0)
      multi_json
      rack-protection
      rack-test
      sinatra (~> 1.4.0)
      tilt (~> 1.3)
    slop (3.4.6)
    tilt (1.4.1)
    typhoeus (0.6.7)
      ethon (~> 0.6.2)

PLATFORMS
  ruby

DEPENDENCIES
  json
  pry
  sinatra
  sinatra-contrib
  typhoeus
